GIT
  remote: https://github.com/circleci/rspec_junit_formatter.git
  revision: 6885218137afbadf560c922114767866953f8cbf
  specs:
    rspec_junit_formatter (0.2.0)
      builder (< 4)
      rspec (>= 2, < 4)
      rspec-core (!= 2.12.0)

GEM
  remote: https://rubygems.org/
  specs:
    builder (3.2.2)
    colorize (0.8.1)
    concurrent-ruby (1.1.5)
    diff-lcs (1.2.5)
    hiptest-publisher (1.24.0)
      colorize (~> 0.7, >= 0.7.5)
      i18n (~> 0.7, >= 0.7.0)
      multipart-post (~> 2.1, >= 2.1.1)
      nokogiri (~> 1.8, < 1.10)
      parseconfig (~> 1.0, >= 1.0.4)
      ruby-handlebars (~> 0.0.2)
      ruby_version (~> 1)
    i18n (0.9.5)
      concurrent-ruby (~> 1.0)
    mini_portile2 (2.4.0)
    multipart-post (2.1.1)
    nokogiri (1.9.1)
      mini_portile2 (~> 2.4.0)
    parseconfig (1.0.8)
    parslet (1.8.2)
    rspec (3.4.0)
      rspec-core (~> 3.4.0)
      rspec-expectations (~> 3.4.0)
      rspec-mocks (~> 3.4.0)
    rspec-core (3.4.3)
      rspec-support (~> 3.4.0)
    rspec-expectations (3.4.0)
      diff-lcs (>= 1.2.0, < 2.0)
      rspec-support (~> 3.4.0)
    rspec-mocks (3.4.1)
      diff-lcs (>= 1.2.0, < 2.0)
      rspec-support (~> 3.4.0)
    rspec-support (3.4.1)
    ruby-handlebars (0.0.6)
      colorize (~> 0.7, >= 0.7.5)
      parslet (~> 1.6, >= 1.6.2)
    ruby_version (1.0.1)

PLATFORMS
  ruby

DEPENDENCIES
  hiptest-publisher
  rspec
  rspec_junit_formatter!

RUBY VERSION
   ruby 2.5.3p105

BUNDLED WITH
   1.17.1
